PATH
  remote: .
  specs:
    csvsql (0.1.0)
      sqlite3 (~> 1.3.13)

GEM
  remote: https://rubygems.org/
  specs:
    coderay (1.1.2)
    diff-lcs (1.3)
    method_source (0.9.0)
    pry (0.11.3)
      coderay (~> 1.1.0)
      method_source (~> 0.9.0)
    rspec (3.7.0)
      rspec-core (~> 3.7.0)
      rspec-expectations (~> 3.7.0)
      rspec-mocks (~> 3.7.0)
    rspec-core (3.7.1)
      rspec-support (~> 3.7.0)
    rspec-expectations (3.7.0)
      diff-lcs (>= 1.2.0, < 2.0)
      rspec-support (~> 3.7.0)
    rspec-mocks (3.7.0)
      diff-lcs (>= 1.2.0, < 2.0)
      rspec-support (~> 3.7.0)
    rspec-support (3.7.1)
    sqlite3 (1.3.13)

PLATFORMS
  ruby

DEPENDENCIES
  bundler (~> 1.16.a)
  csvsql!
  pry
  rspec (~> 3.0)

BUNDLED WITH
   1.16.0.pre.2
